GEM
  remote: https://rubygems.org/
  specs:
    activesupport (7.0.4.1)
      concurrent-ruby (~> 1.0, >= 1.0.2)
      i18n (>= 1.6, < 2)
      minitest (>= 5.1)
      tzinfo (~> 2.0)
    concurrent-ruby (1.1.10)
    ffi (1.15.1)
    i18n (1.12.0)
      concurrent-ruby (~> 1.0)
    memoist (0.16.2)
    minitest (5.17.0)
    nice-ffi (0.4)
      ffi (>= 0.5.0)
    rake (13.0.3)
    ruby-geometry (0.0.6)
      activesupport
      memoist
    ruby-sdl-ffi (0.4)
      nice-ffi (>= 0.2)
    rubygame (2.6.4)
      rake (>= 0.7.0)
      ruby-sdl-ffi (>= 0.1.0)
    tzinfo (2.0.5)
      concurrent-ruby (~> 1.0)

PLATFORMS
  ruby

DEPENDENCIES
  ruby-geometry
  rubygame

BUNDLED WITH
   2.2.18
