GEM
  remote: https://rubygems.org/
  specs:
    activesupport (4.0.4)
      i18n (~> 0.6, >= 0.6.9)
      minitest (~> 4.2)
      multi_json (~> 1.3)
      thread_safe (~> 0.1)
      tzinfo (~> 0.3.37)
    atomic (1.1.15)
    ffi (1.9.3)
    i18n (0.6.9)
    memoist (0.9.1)
    minitest (4.7.5)
    multi_json (1.9.0)
    nice-ffi (0.4)
      ffi (>= 0.5.0)
    rake (10.1.1)
    ruby-geometry (0.0.5)
      activesupport
      memoist
    ruby-sdl-ffi (0.4)
      nice-ffi (>= 0.2)
    rubygame (2.6.4)
      rake (>= 0.7.0)
      ruby-sdl-ffi (>= 0.1.0)
    thread_safe (0.2.0)
      atomic (>= 1.1.7, < 2)
    tzinfo (0.3.39)

PLATFORMS
  ruby

DEPENDENCIES
  ruby-geometry
  rubygame
